GEM
  remote: https://rubygems.org/
  specs:
    rainbow (2.1.0)
    redcarpet (3.3.4)
    ruby-git (0.2.2)
    ruby-progressbar (1.8.0)
    semver (1.0.1)
    terminal-table (1.5.2)
    thor (0.19.1)

PLATFORMS
  ruby

DEPENDENCIES
  rainbow
  redcarpet
  ruby-git
  ruby-progressbar
  semver
  terminal-table
  thor

BUNDLED WITH
   1.10.6
